GIT
  remote: git://github.com/Feedbooks/peregrin.git
  revision: b9009f5a528480f50eb2e3eff9afcb5f5ed78c75
  branch: master
  specs:
    peregrin (1.2.3)
      mime-types
      nokogiri
      rubyzip

GEM
  remote: https://rubygems.org/
  specs:
    macaddr (1.6.1)
      systemu (~> 2.5.0)
    mime-types (3.1)
      mime-types-data (~> 3.2015)
    mime-types-data (3.2016.0521)
    mini_portile (0.5.2)
    nokogiri (1.6.0)
      mini_portile (~> 0.5.0)
    rubyzip (1.2.1)
    systemu (2.5.2)
    thor (0.18.1)
    uuid (2.3.7)
      macaddr (~> 1.0)
    workers (0.2.2)

PLATFORMS
  ruby

DEPENDENCIES
  nokogiri
  peregrin!
  thor
  uuid
  workers
